GEM
  remote: https://rubygems.org/
  specs:
    mini_portile (0.6.2)
    nokogiri (1.6.6.2-x64-mingw32)
      mini_portile (~> 0.6.0)

PLATFORMS
  x64-mingw32

DEPENDENCIES
  nokogiri
